GEM
  remote: https://rubygems.org/
  specs:
    bunny (0.8.0)
    datainsight_logging (0.0.2)
      logging
    diff-lcs (1.1.3)
    gli (1.6.0)
    little-plugger (1.1.3)
    logging (1.7.2)
      little-plugger (>= 1.1.3)
    rake (0.9.2.2)
    rspec (2.11.0)
      rspec-core (~> 2.11.0)
      rspec-expectations (~> 2.11.0)
      rspec-mocks (~> 2.11.0)
    rspec-core (2.11.1)
    rspec-expectations (2.11.2)
      diff-lcs (~> 1.1.3)
    rspec-mocks (2.11.2)

PLATFORMS
  ruby

DEPENDENCIES
  bunny
  datainsight_logging
  gli (= 1.6.0)
  rake
  rspec
